GEM
  remote: https://rubygems.org/
  specs:
    pandoc-ruby (2.0.1)
    slim (3.0.7)
      temple (~> 0.7.6)
      tilt (>= 1.3.3, < 2.1)
    temple (0.7.7)
    tilt (2.0.6)

PLATFORMS
  ruby

DEPENDENCIES
  pandoc-ruby (~> 2.0.1)!
  slim (~> 3.0.7)!

RUBY VERSION
   ruby 2.4.0p0

BUNDLED WITH
   1.13.6
